PATH
  remote: .
  specs:
    sub_diff (0.0.0)
      respond_to_missing

GEM
  remote: http://www.rubygems.org/
  specs:
    json (1.8.2)
    rake (10.4.2)
    rdoc (4.2.0)
      json (~> 1.4)
    respond_to_missing (0.0.1)

PLATFORMS
  ruby

DEPENDENCIES
  rake
  rdoc (>= 2.4.2)
  sub_diff!
