PATH
  remote: .
  specs:
    sub_diff (0.0.0)
      respond_to_missing

GEM
  remote: http://www.rubygems.org/
  specs:
    rake (0.9.2)
    rdoc (3.8)
    respond_to_missing (0.0.0)

PLATFORMS
  ruby

DEPENDENCIES
  rake
  rdoc (>= 2.4.2)
  sub_diff!
