PATH
  remote: .
  specs:
    sub_diff (0.0.0)

GEM
  remote: https://www.rubygems.org/
  specs:
    codeclimate-test-reporter (0.4.7)
      simplecov (>= 0.7.1, < 1.0.0)
    docile (1.1.5)
    json (1.8.2)
    multi_json (1.10.1)
    power_assert (0.2.2)
    rake (10.4.2)
    rdoc (4.2.0)
      json (~> 1.4)
    simplecov (0.9.2)
      docile (~> 1.1.0)
      multi_json (~> 1.0)
      simplecov-html (~> 0.9.0)
    simplecov-html (0.9.0)
    test-unit (3.0.9)
      power_assert

PLATFORMS
  ruby

DEPENDENCIES
  codeclimate-test-reporter
  rake
  rdoc (>= 2.4.2)
  sub_diff!
  test-unit
